PATH
  remote: .
  specs:
    space_invaders (0.1.0)
      gosu
      mongo (~> 2.2.5)

GEM
  remote: https://rubygems.org/
  specs:
    bson (4.15.0)
    chef-utils (17.10.0)
      concurrent-ruby
    concurrent-ruby (1.1.10)
    diff-lcs (1.5.0)
    dotenv (2.7.6)
    gosu (1.4.3)
    kramdown (2.4.0)
      rexml
    kramdown-parser-gfm (1.1.0)
      kramdown (~> 2.0)
    mdl (0.11.0)
      kramdown (~> 2.3)
      kramdown-parser-gfm (~> 1.1)
      mixlib-cli (~> 2.1, >= 2.1.1)
      mixlib-config (>= 2.2.1, < 4)
      mixlib-shellout
    mixlib-cli (2.1.8)
    mixlib-config (3.0.9)
      tomlrb
    mixlib-shellout (3.2.7)
      chef-utils
    mongo (2.2.7)
      bson (~> 4.0)
    rexml (3.2.5)
    rspec (3.11.0)
      rspec-core (~> 3.11.0)
      rspec-expectations (~> 3.11.0)
      rspec-mocks (~> 3.11.0)
    rspec-core (3.11.0)
      rspec-support (~> 3.11.0)
    rspec-expectations (3.11.0)
      diff-lcs (>= 1.2.0, < 2.0)
      rspec-support (~> 3.11.0)
    rspec-mocks (3.11.1)
      diff-lcs (>= 1.2.0, < 2.0)
      rspec-support (~> 3.11.0)
    rspec-support (3.11.0)
    tomlrb (2.0.1)

PLATFORMS
  arm64-darwin-21

DEPENDENCIES
  dotenv
  mdl
  rspec (~> 3.0)
  space_invaders!

BUNDLED WITH
   2.3.9
