PATH
  remote: .
  specs:
    space_invaders (0.1.0)

GEM
  remote: https://rubygems.org/
  specs:
    bson (4.8.2)
    diff-lcs (1.3)
    dotenv (2.7.5)
    gosu (0.15.1)
    mongo (2.2.7)
      bson (~> 4.0)
    rake (10.5.0)
    rspec (3.9.0)
      rspec-core (~> 3.9.0)
      rspec-expectations (~> 3.9.0)
      rspec-mocks (~> 3.9.0)
    rspec-core (3.9.1)
      rspec-support (~> 3.9.1)
    rspec-expectations (3.9.1)
      diff-lcs (>= 1.2.0, < 2.0)
      rspec-support (~> 3.9.0)
    rspec-mocks (3.9.1)
      diff-lcs (>= 1.2.0, < 2.0)
      rspec-support (~> 3.9.0)
    rspec-support (3.9.2)

PLATFORMS
  ruby

DEPENDENCIES
  bundler (~> 2.0)
  dotenv
  gosu
  mongo (~> 2.2.5)
  rake (~> 10.0)
  rspec (~> 3.0)
  space_invaders!

BUNDLED WITH
   2.1.4
